GIT
  remote: git://github.com/hitoshi-t-pepe3/clickclient_scrap.git
  revision: 7c070a6064f8f564daa2fc97c9ef934330602311
  specs:
    clickclient_scrap (0.1.11)
      mechanize (= 1.0.0)

GIT
  remote: git://github.com/hitoshi-t-pepe3/jiji.git
  revision: 842221fceebde90a851ed94135488ef18b82d851
  specs:
    jiji (1.2.8)
      clickclient_scrap (>= 0.1.9)
      highline (= 1.5.0)
      httpclient (>= 2.1.5)
      mechanize (= 1.0.0)
      needle (= 1.3.0)
      nokogiri (= 1.4.3.1)
      ruby-json (= 1.1.2)
      rubyzip (= 0.9.1)
      sbiclient (>= 0.1.1)
      uuidtools (= 2.0.0)

PATH
  remote: .
  specs:
    sbiclient (0.1.5)
      mechanize (>= 1.0.0)
      nokogiri (= 1.4.3.1)

GEM
  remote: http://www.rubygems.org/
  specs:
    addressable (2.3.5)
    diff-lcs (1.2.4)
    highline (1.5.0)
    httpclient (2.3.4.1)
    launchy (2.3.0)
      addressable (~> 2.3)
    mechanize (1.0.0)
      nokogiri (>= 1.2.1)
    needle (1.3.0)
    nokogiri (1.4.3.1-x86-mingw32)
    rake (10.1.0)
    rspec (2.14.1)
      rspec-core (~> 2.14.0)
      rspec-expectations (~> 2.14.0)
      rspec-mocks (~> 2.14.0)
    rspec-core (2.14.5)
    rspec-expectations (2.14.3)
      diff-lcs (>= 1.1.3, < 2.0)
    rspec-mocks (2.14.3)
    ruby-json (1.1.2)
    rubyzip (0.9.1)
    uuidtools (2.0.0)
      launchy (>= 0.3.2)
      rake (>= 0.8.3)
      rspec (>= 1.1.11)

PLATFORMS
  x86-mingw32

DEPENDENCIES
  clickclient_scrap!
  jiji!
  rspec
  sbiclient!
  uuidtools
