GIT
  remote: git://github.com/hitoshi-t-pepe3/clickclient_scrap.git
  revision: 959bcfcfa284d48605eb1a01447f5768475d9915
  specs:
    clickclient_scrap (0.1.11)
      mechanize (>= 1.0.0)

GIT
  remote: git://github.com/hitoshi-t-pepe3/jiji.git
  revision: 8b817e11756820d7a64a437402dcb9ddfe5fb71e
  specs:
    jiji (1.2.8beta1)
      clickclient_scrap (>= 0.1.9)
      highline (~> 1.6.21)
      httpclient (>= 2.1.5)
      mechanize (>= 1.0.0)
      nokogiri (= 1.4.3.1)
      ruby-json (= 1.1.2)
      rubyzip (= 0.9.1)
      sbiclient (>= 0.1.1)
      uuidtools (= 2.0.0)

PATH
  remote: .
  specs:
    sbiclient (0.1.5.1beta1)
      mechanize
      nokogiri

GEM
  remote: https://rubygems.org/
  specs:
    diff-lcs (1.2.5)
    domain_name (0.5.25)
      unf (>= 0.0.5, < 1.0.0)
    highline (1.6.21)
    http-cookie (1.0.2)
      domain_name (~> 0.5)
    httpclient (2.6.0.1)
    mechanize (2.7.0)
      domain_name (~> 0.5, >= 0.5.1)
      http-cookie (~> 1.0.0)
      mime-types (~> 1.17, >= 1.17.2)
      net-http-digest_auth (~> 1.1, >= 1.1.1)
      net-http-persistent (~> 2.5, >= 2.5.2)
      nokogiri (~> 1.4)
      ntlm-http (~> 0.1, >= 0.1.1)
      webrobots (>= 0.0.9, < 0.2)
    mime-types (1.25.1)
    net-http-digest_auth (1.4)
    net-http-persistent (2.9.4)
    nokogiri (1.4.3.1)
    ntlm-http (0.1.1)
    rspec (3.3.0)
      rspec-core (~> 3.3.0)
      rspec-expectations (~> 3.3.0)
      rspec-mocks (~> 3.3.0)
    rspec-core (3.3.2)
      rspec-support (~> 3.3.0)
    rspec-expectations (3.3.1)
      diff-lcs (>= 1.2.0, < 2.0)
      rspec-support (~> 3.3.0)
    rspec-mocks (3.3.2)
      diff-lcs (>= 1.2.0, < 2.0)
      rspec-support (~> 3.3.0)
    rspec-support (3.3.0)
    ruby-json (1.1.2)
    rubyzip (0.9.1)
    unf (0.1.4)
      unf_ext
    unf_ext (0.0.7.1)
    uuidtools (2.0.0)
    webrobots (0.1.1)

PLATFORMS
  ruby

DEPENDENCIES
  clickclient_scrap!
  jiji!
  mechanize (= 2.7.0)
  rspec
  sbiclient!
  uuidtools

BUNDLED WITH
   1.10.6
